PATH
  remote: .
  specs:
    devise_ldap_authenticatable (0.4.6.1)
      devise (~> 1.3.0)
      net-ldap (~> 0.1.0)

GEM
  remote: http://rubygems.org/
  specs:
    bcrypt-ruby (2.1.4)
    devise (1.3.4)
      bcrypt-ruby (~> 2.1.2)
      orm_adapter (~> 0.0.3)
      warden (~> 1.0.3)
    net-ldap (0.1.1)
    orm_adapter (0.0.5)
    rack (1.3.0)
    warden (1.0.4)
      rack (>= 1.0)

PLATFORMS
  ruby

DEPENDENCIES
  devise_ldap_authenticatable!
